PATH
  remote: .
  specs:
    slanger (0.3.7.1)
      activesupport (~> 3.1)
      em-hiredis (>= 0.1.0)
      em-http-request (>= 0.3.0)
      em-websocket (>= 0.3.5)
      eventmachine (>= 0.12.10)
      glamazon (~> 0.3.1)
      rack (~> 1.4.5)
      rack-fiber_pool (~> 0.9.2)
      signature (~> 0.1.6)
      sinatra (>= 1.2.6)
      thin (~> 1.2.11)

GEM
  remote: http://rubygems.org/
  specs:
    activesupport (3.2.22.5)
      i18n (~> 0.6, >= 0.6.4)
      multi_json (~> 1.0)
    addressable (2.5.2)
      public_suffix (>= 2.0.2, < 4.0)
    cookiejar (0.3.3)
    crack (0.4.3)
      safe_yaml (~> 1.0.0)
    daemons (1.2.6)
    diff-lcs (1.1.3)
    em-hiredis (0.3.1)
      eventmachine (~> 1.0)
      hiredis (~> 0.6.0)
    em-http-request (1.1.5)
      addressable (>= 2.3.4)
      cookiejar (!= 0.3.1)
      em-socksify (>= 0.3)
      eventmachine (>= 1.0.3)
      http_parser.rb (>= 0.6.0)
    em-socksify (0.3.2)
      eventmachine (>= 1.0.0.beta.4)
    em-websocket (0.5.1)
      eventmachine (>= 0.12.9)
      http_parser.rb (~> 0.6.0)
    eventmachine (1.2.5)
    eventmachine (1.2.5-java)
    glamazon (0.3.1)
      activesupport (>= 3.1.0)
      i18n (~> 0.6.0)
      yajl-ruby (>= 0.7.7)
    haml (3.1.8)
    hiredis (0.6.1)
    hiredis (0.6.1-java)
    http_parser.rb (0.6.0)
    http_parser.rb (0.6.0-java)
    httpclient (2.3.4.1)
    i18n (0.6.11)
    json (2.1.0)
    json (2.1.0-java)
    metaclass (0.0.4)
    mocha (0.13.3)
      metaclass (~> 0.0.1)
    multi_json (1.13.1)
    public_suffix (3.0.2)
    pusher (0.12.0)
      httpclient (~> 2.3.0)
      multi_json (~> 1.0)
      signature (~> 0.1.6)
    pusher-client (0.6.2)
      json
      websocket (~> 1.0)
    rack (1.4.7)
    rack-fiber_pool (0.9.3)
    rack-protection (1.5.3)
      rack
    rake (12.3.0)
    rspec (2.12.0)
      rspec-core (~> 2.12.0)
      rspec-expectations (~> 2.12.0)
      rspec-mocks (~> 2.12.0)
    rspec-core (2.12.2)
    rspec-expectations (2.12.1)
      diff-lcs (~> 1.1.3)
    rspec-mocks (2.12.2)
    safe_yaml (1.0.4)
    signature (0.1.8)
    sinatra (1.4.6)
      rack (~> 1.4)
      rack-protection (~> 1.4)
      tilt (>= 1.3, < 3)
    thin (1.2.11)
      daemons (>= 1.0.9)
      eventmachine (>= 0.12.6)
      rack (>= 1.0.0)
    tilt (2.0.8)
    timecop (0.3.5)
    webmock (1.8.11)
      addressable (>= 2.2.7)
      crack (>= 0.1.7)
    websocket (1.2.5)
    yajl-ruby (1.3.1)

PLATFORMS
  java
  ruby

DEPENDENCIES
  haml (~> 3.1.2)
  mocha (~> 0.13.2)
  pusher (= 0.12.0)
  pusher-client
  rake
  rspec (~> 2.12.0)
  slanger!
  timecop (~> 0.3.5)
  webmock (~> 1.8.7)

BUNDLED WITH
   1.16.1
